PATH
  remote: .
  specs:
    radiant (1.1.4)
      RedCloth (~> 4.2.0)
      acts_as_tree (~> 0.1.1)
      bundler (>= 1.0.0)
      compass (~> 0.12.2)
      compass-rails (~> 1.0.3)
      delocalize (~> 0.2.3)
      haml (~> 3.1.1)
      highline (~> 1.6.10)
      rack (~> 1.1.6)
      rack-cache (~> 1.2)
      radius (~> 0.7.3)
      rails (~> 2.3.18)
      rake (>= 0.8.7)
      rdoc (>= 3.9.2)
      stringex (~> 1.3.0)
      tzinfo (~> 0.3.31)
      will_paginate (~> 2.3.11)

GEM
  remote: https://rubygems.org/
  specs:
    RedCloth (4.2.9)
    RedCloth (4.2.9-java)
    actionmailer (2.3.18)
      actionpack (= 2.3.18)
    actionpack (2.3.18)
      activesupport (= 2.3.18)
      rack (~> 1.1.0)
    activerecord (2.3.18)
      activesupport (= 2.3.18)
    activeresource (2.3.18)
      activesupport (= 2.3.18)
    activesupport (2.3.18)
    acts_as_list (0.1.4)
    acts_as_tree (0.1.1)
    bluecloth (2.1.0)
    builder (3.2.2)
    chunky_png (1.3.0)
    cocaine (0.3.2)
    coffee-script (2.2.0)
      coffee-script-source
      execjs
    coffee-script-source (1.7.0)
    compass (0.12.6)
      chunky_png (~> 1.2)
      fssm (>= 0.2.7)
      sass (~> 3.2.19)
    compass-rails (1.0.3)
      compass (>= 0.12.2, < 0.14)
    cucumber (1.3.14)
      builder (>= 2.1.2)
      diff-lcs (>= 1.1.3)
      gherkin (~> 2.12)
      multi_json (>= 1.7.5, < 2.0)
      multi_test (>= 0.1.1)
    cucumber-rails (0.3.2)
      cucumber (>= 0.8.0)
    database_cleaner (0.6.7)
    delocalize (0.2.6)
    diff-lcs (1.2.5)
    execjs (2.0.2)
    fssm (0.2.10)
    gherkin (2.12.2)
      multi_json (~> 1.3)
    gherkin (2.12.2-java)
      multi_json (~> 1.3)
    haml (3.1.8)
    highline (1.6.21)
    hoe (3.11.0)
      rake (>= 0.8, < 11.0)
    json (1.8.1)
    json (1.8.1-java)
    mime-types (2.2)
    multi_json (1.9.2)
    multi_test (0.1.1)
    nokogiri (1.5.11)
    nokogiri (1.5.11-java)
    paperclip (2.7.5)
      activerecord (>= 2.3.0)
      activesupport (>= 2.3.2)
      cocaine (~> 0.3.0)
      mime-types
    pg (0.17.1)
    rack (1.1.6)
    rack-cache (1.2)
      rack (>= 0.4)
    rack-test (0.6.2)
      rack (>= 1.0)
    radiant-archive-extension (1.0.7)
    radiant-clipped-extension (1.1.1)
      acts_as_list (= 0.1.4)
      cocaine (~> 0.3.2)
      paperclip (~> 2.7.0)
      uuidtools (~> 2.1.2)
    radiant-debug-extension (1.0.2)
    radiant-exporter-extension (1.1.0)
    radiant-markdown_filter-extension (1.0.2)
      bluecloth (~> 2.1.0)
    radiant-sheets-extension (1.1.0)
      coffee-script (~> 2.2.0)
      sass (~> 3.2.1)
    radiant-site_templates-extension (1.0.6)
    radiant-smarty_pants_filter-extension (1.0.2)
      rubypants (~> 0.2.0)
    radiant-snippets-extension (1.1.3)
    radiant-textile_filter-extension (1.0.4)
      RedCloth (~> 4.2.0)
    radius (0.7.4)
    rails (2.3.18)
      actionmailer (= 2.3.18)
      actionpack (= 2.3.18)
      activerecord (= 2.3.18)
      activeresource (= 2.3.18)
      activesupport (= 2.3.18)
      rake (>= 0.8.3)
    rake (10.1.0)
    rdoc (4.1.1)
      json (~> 1.4)
    rspec (1.3.2)
    rspec-rails (1.3.4)
      rack (>= 1.0.0)
      rspec (~> 1.3.1)
    rubypants (0.2.0)
    sass (3.2.19)
    sqlite3 (1.3.5)
    stringex (1.3.3)
    test-unit (1.2.3)
      hoe (>= 1.5.1)
    tzinfo (0.3.39)
    uuidtools (2.1.4)
    webrat (0.7.3)
      nokogiri (>= 1.2.0)
      rack (>= 1.0)
      rack-test (>= 0.5.3)
    will_paginate (2.3.16)

PLATFORMS
  java
  ruby

DEPENDENCIES
  compass-rails (~> 1.0.3)
  cucumber-rails (~> 0.3.2)
  database_cleaner (~> 0.6.5)
  nokogiri (~> 1.5.10)
  pg
  radiant!
  radiant-archive-extension (~> 1.0.7)
  radiant-clipped-extension (~> 1.1.0)
  radiant-debug-extension (~> 1.0.2)
  radiant-exporter-extension (~> 1.1.0)
  radiant-markdown_filter-extension (~> 1.0.2)
  radiant-sheets-extension (~> 1.1.0.alpha)
  radiant-site_templates-extension (~> 1.0.4)
  radiant-smarty_pants_filter-extension (~> 1.0.2)
  radiant-snippets-extension (~> 1.1.0.alpha)
  radiant-textile_filter-extension (~> 1.0.4)
  rails (= 2.3.18)
  rspec (~> 1.3.1)
  rspec-rails (~> 1.3.3)
  sqlite3 (= 1.3.5)
  test-unit (= 1.2.3)
  webrat (~> 0.7.3)
